GEM
  remote: https://rubygems.org/
  specs:
    coderay (1.1.2)
    method_source (0.9.0)
    minitest (5.11.3)
    pry (0.11.3)
      coderay (~> 1.1.0)
      method_source (~> 0.9.0)
    rake (12.3.1)
    redis (4.0.1)
    timecop (0.9.1)

PLATFORMS
  ruby

DEPENDENCIES
  minitest
  pry
  rake
  redis
  timecop

BUNDLED WITH
   1.16.0
